PATH
  remote: .
  specs:
    cuda (0.0.1.pre)
      ffi (~> 1.15.4)

GEM
  remote: https://rubygems.org/
  specs:
    ast (2.4.2)
    byebug (11.1.3)
    ffi (1.15.4)
    minitest (5.14.4)
    minitest-byebug (0.0.3)
      byebug
      minitest (~> 5.0)
    minitest-hooks (1.5.0)
      minitest (> 5.3)
    parallel (1.21.0)
    parser (3.0.2.0)
      ast (~> 2.4.1)
    rainbow (3.0.0)
    rake (13.0.6)
    regexp_parser (2.1.1)
    rexml (3.2.5)
    rubocop (1.22.3)
      parallel (~> 1.10)
      parser (>= 3.0.0.0)
      rainbow (>= 2.2.2, < 4.0)
      regexp_parser (>= 1.8, < 3.0)
      rexml
      rubocop-ast (>= 1.12.0, < 2.0)
      ruby-progressbar (~> 1.7)
      unicode-display_width (>= 1.4.0, < 3.0)
    rubocop-ast (1.13.0)
      parser (>= 3.0.1.1)
    rubocop-minitest (0.15.2)
      rubocop (>= 0.90, < 2.0)
    rubocop-performance (1.12.0)
      rubocop (>= 1.7.0, < 2.0)
      rubocop-ast (>= 0.4.0)
    rubocop-rake (0.6.0)
      rubocop (~> 1.0)
    ruby-progressbar (1.11.0)
    unicode-display_width (2.1.0)

PLATFORMS
  x86_64-linux

DEPENDENCIES
  byebug
  cuda!
  minitest (~> 5.0)
  minitest-byebug
  minitest-hooks
  rake (~> 13.0)
  rubocop (~> 1.21)
  rubocop-minitest
  rubocop-performance
  rubocop-rake

BUNDLED WITH
   2.2.30
