PATH
  remote: .
  specs:
    cuda (0.0.1.pre)
      ffi (~> 1.15.4)

GEM
  remote: https://rubygems.org/
  specs:
    ffi (1.15.4)
    minitest (5.14.4)
    rake (13.0.6)

PLATFORMS
  x86_64-linux

DEPENDENCIES
  cuda!
  minitest (~> 5.0)
  rake (~> 13.0)

BUNDLED WITH
   2.2.29
